PATH
  remote: .
  specs:
    rafinesque (0.0.0)
      i18n

GEM
  remote: https://rubygems.org/
  specs:
    i18n (0.7.0)
    minitest (5.5.1)
    rake (10.4.2)

PLATFORMS
  ruby

DEPENDENCIES
  minitest
  rafinesque!
  rake
