PATH
  remote: .
  specs:
    rafinesque (0.0.0)
      i18n

GEM
  remote: https://rubygems.org/
  specs:
    codeclimate-test-reporter (0.3.0)
      simplecov (>= 0.7.1, < 1.0.0)
    docile (1.1.3)
    i18n (0.7.0)
    minitest (5.5.1)
    multi_json (1.10.1)
    rake (10.4.2)
    simplecov (0.8.2)
      docile (~> 1.1.0)
      multi_json
      simplecov-html (~> 0.8.0)
    simplecov-html (0.8.0)

PLATFORMS
  ruby

DEPENDENCIES
  codeclimate-test-reporter
  minitest
  rafinesque!
  rake
